GEM
  remote: https://rubygems.org/
  specs:
    actionmailer (4.2.5)
      actionpack (= 4.2.5)
      actionview (= 4.2.5)
      activejob (= 4.2.5)
      mail (~> 2.5, >= 2.5.4)
      rails-dom-testing (~> 1.0, >= 1.0.5)
    actionpack (4.2.5)
      actionview (= 4.2.5)
      activesupport (= 4.2.5)
      rack (~> 1.6)
      rack-test (~> 0.6.2)
      rails-dom-testing (~> 1.0, >= 1.0.5)
      rails-html-sanitizer (~> 1.0, >= 1.0.2)
    actionview (4.2.5)
      activesupport (= 4.2.5)
      builder (~> 3.1)
      erubis (~> 2.7.0)
      rails-dom-testing (~> 1.0, >= 1.0.5)
      rails-html-sanitizer (~> 1.0, >= 1.0.2)
    activejob (4.2.5)
      activesupport (= 4.2.5)
      globalid (>= 0.3.0)
    activemodel (4.2.5)
      activesupport (= 4.2.5)
      builder (~> 3.1)
    activerecord (4.2.5)
      activemodel (= 4.2.5)
      activesupport (= 4.2.5)
      arel (~> 6.0)
    activesupport (4.2.5)
      i18n (~> 0.7)
      json (~> 1.7, >= 1.7.7)
      minitest (~> 5.1)
      thread_safe (~> 0.3, >= 0.3.4)
      tzinfo (~> 1.1)
    addressable (2.4.0)
    arel (6.0.3)
    better_errors (2.1.1)
      coderay (>= 1.0.0)
      erubis (>= 2.6.6)
      rack (>= 0.9.0)
    binding_of_caller (0.7.2)
      debug_inspector (>= 0.0.1)
    builder (3.2.2)
    coderay (1.1.0)
    coffee-rails (4.0.1)
      coffee-script (>= 2.2.0)
      railties (>= 4.0.0, < 5.0)
    coffee-script (2.4.1)
      coffee-script-source
      execjs
    coffee-script-source (1.10.0)
    debug_inspector (0.0.2)
    diff-lcs (1.2.5)
    dotenv (2.0.2)
    dotenv-rails (2.0.2)
      dotenv (= 2.0.2)
      railties (~> 4.0)
    erubis (2.7.0)
    execjs (2.6.0)
    font-awesome-rails (4.5.0.0)
      railties (>= 3.2, < 5.0)
    globalid (0.3.6)
      activesupport (>= 4.1.0)
    haml (4.0.7)
      tilt
    hike (1.2.3)
    hyp_diff (0.0.4)
      diff-lcs (~> 1.2.5)
      nokogiri (~> 1.6.5)
    i18n (0.7.0)
    jbuilder (2.3.2)
      activesupport (>= 3.0.0, < 5)
      multi_json (~> 1.2)
    jquery-rails (4.0.5)
      rails-dom-testing (~> 1.0)
      railties (>= 4.2.0)
      thor (>= 0.14, < 2.0)
    jquery-ui-rails (5.0.5)
      railties (>= 3.2.16)
    json (1.8.3)
    loofah (2.0.3)
      nokogiri (>= 1.5.9)
    mail (2.6.3)
      mime-types (>= 1.16, < 3)
    memoist (0.13.0)
    method_source (0.8.2)
    mime-types (2.99)
    mini_portile2 (2.0.0)
    minitest (5.8.3)
    multi_json (1.11.2)
    multipart-post (2.0.0)
    nokogiri (1.6.7)
      mini_portile2 (~> 2.0.0.rc2)
    projekktor-rails (0.0.7)
    pry (0.10.3)
      coderay (~> 1.1.0)
      method_source (~> 0.8.1)
      slop (~> 3.4)
    pry-rails (0.3.4)
      pry (>= 0.9.10)
    quiet_assets (1.1.0)
      railties (>= 3.1, < 5.0)
    rack (1.6.4)
    rack-test (0.6.3)
      rack (>= 1.0)
    rails (4.2.5)
      actionmailer (= 4.2.5)
      actionpack (= 4.2.5)
      actionview (= 4.2.5)
      activejob (= 4.2.5)
      activemodel (= 4.2.5)
      activerecord (= 4.2.5)
      activesupport (= 4.2.5)
      bundler (>= 1.3.0, < 2.0)
      railties (= 4.2.5)
      sprockets-rails
    rails-deprecated_sanitizer (1.0.3)
      activesupport (>= 4.2.0.alpha)
    rails-dom-testing (1.0.7)
      activesupport (>= 4.2.0.beta, < 5.0)
      nokogiri (~> 1.6.0)
      rails-deprecated_sanitizer (>= 1.0.1)
    rails-html-sanitizer (1.0.2)
      loofah (~> 2.0)
    rails_12factor (0.0.3)
      rails_serve_static_assets
      rails_stdout_logging
    rails_serve_static_assets (0.0.4)
    rails_stdout_logging (0.0.4)
    railties (4.2.5)
      actionpack (= 4.2.5)
      activesupport (= 4.2.5)
      rake (>= 0.8.7)
      thor (>= 0.18.1, < 2.0)
    rake (10.4.2)
    rdoc (4.2.0)
    responders (2.1.0)
      railties (>= 4.2.0, < 5)
    rspec-core (3.4.1)
      rspec-support (~> 3.4.0)
    rspec-expectations (3.4.0)
      diff-lcs (>= 1.2.0, < 2.0)
      rspec-support (~> 3.4.0)
    rspec-mocks (3.4.0)
      diff-lcs (>= 1.2.0, < 2.0)
      rspec-support (~> 3.4.0)
    rspec-rails (3.4.0)
      actionpack (>= 3.0, < 4.3)
      activesupport (>= 3.0, < 4.3)
      railties (>= 3.0, < 4.3)
      rspec-core (~> 3.4.0)
      rspec-expectations (~> 3.4.0)
      rspec-mocks (~> 3.4.0)
      rspec-support (~> 3.4.0)
    rspec-support (3.4.1)
    sass (3.2.19)
    sass-rails (4.0.5)
      railties (>= 4.0.0, < 5.0)
      sass (~> 3.2.2)
      sprockets (~> 2.8, < 3.0)
      sprockets-rails (~> 2.0)
    scrivito (1.0.0)
      railties
      scrivito_content_browser (= 1.0.0)
      scrivito_editors (= 1.0.0)
      scrivito_sdk (= 1.0.0)
    scrivito_accordion_widget (1.1.0)
      bundler
      scrivito
    scrivito_advanced_editors (0.90.0)
      bundler
      font-awesome-rails
      rails
      scrivito_sdk
    scrivito_content_browser (1.0.0)
      railties
      scrivito_sdk (= 1.0.0)
    scrivito_editors (1.0.0)
      jquery-ui-rails (>= 5.0.0)
      railties
      scrivito_content_browser (= 1.0.0)
      scrivito_sdk (= 1.0.0)
    scrivito_elastic_slider_widget (0.90.0)
      bundler (> 0)
      jquery-rails (> 0)
      scrivito
    scrivito_google_maps_widget (0.1.5)
      bundler
      scrivito_sdk
    scrivito_icon_box_widget (1.2.0)
      bundler
      font-awesome-rails
      scrivito_sdk
    scrivito_sdk (1.0.0)
      addressable (~> 2.3)
      diff-lcs (~> 1.2)
      hyp_diff (~> 0.0.4)
      jbuilder (~> 2.0)
      json (>= 1.7.7)
      memoist (>= 0.12.0)
      multipart-post (~> 2.0)
      nokogiri (~> 1.6)
      rails (~> 4.2.0)
      rake (>= 0.9.2.2)
    scrivito_section_widgets (0.90.0)
      bundler
      scrivito
    scrivito_seo_headline_extender (1.2.0)
      bundler
      scrivito_sdk
    scrivito_seo_page_extender (0.90.0)
      bundler
      scrivito_sdk
    scrivito_slick_slider_widget (0.90.0)
      scrivito (>= 0.42.0)
    scrivito_space_widget (1.2.0)
      bundler
      scrivito
    scrivito_tabbed_content_widget (0.90.0)
      scrivito
    scrivito_table_widget (0.5.6)
      bundler
      font-awesome-rails
      scrivito
    scrivito_three_column_widget (0.90.0)
      scrivito
    scrivito_two_column_widget (0.90.0)
      scrivito
    scrivito_video_widget (1.0.10)
      bundler
      projekktor-rails
      scrivito_sdk
    sdoc (0.4.1)
      json (~> 1.7, >= 1.7.7)
      rdoc (~> 4.0)
    slop (3.6.0)
    spring (1.5.0)
    sprockets (2.12.4)
      hike (~> 1.2)
      multi_json (~> 1.0)
      rack (~> 1.0)
      tilt (~> 1.1, != 1.3.0)
    sprockets-rails (2.3.3)
      actionpack (>= 3.0)
      activesupport (>= 3.0)
      sprockets (>= 2.8, < 4.0)
    thor (0.19.1)
    thread_safe (0.3.5)
    tilt (1.4.1)
    tzinfo (1.2.2)
      thread_safe (~> 0.1)
    uglifier (2.7.2)
      execjs (>= 0.3.0)
      json (>= 1.8.0)
    web-console (2.2.1)
      activemodel (>= 4.0)
      binding_of_caller (>= 0.7.2)
      railties (>= 4.0)
      sprockets-rails (>= 2.0, < 4.0)

PLATFORMS
  ruby

DEPENDENCIES
  better_errors
  binding_of_caller
  coffee-rails (~> 4.0.0)
  dotenv-rails
  font-awesome-rails
  haml
  jbuilder (~> 2.0)
  jquery-rails
  pry-rails
  quiet_assets
  rails
  rails_12factor
  responders (~> 2.0)
  rspec-rails
  sass-rails (~> 4.0.3)
  scrivito (= 1.0.0)
  scrivito_accordion_widget
  scrivito_advanced_editors
  scrivito_elastic_slider_widget
  scrivito_google_maps_widget
  scrivito_icon_box_widget
  scrivito_section_widgets
  scrivito_seo_headline_extender
  scrivito_seo_page_extender
  scrivito_slick_slider_widget
  scrivito_space_widget
  scrivito_tabbed_content_widget
  scrivito_table_widget
  scrivito_three_column_widget
  scrivito_two_column_widget
  scrivito_video_widget
  sdoc (~> 0.4.0)
  spring
  uglifier (>= 1.3.0)
  web-console (~> 2.0)

BUNDLED WITH
   1.10.5
